GIT
  remote: https://github.com/mailchimp/mailchimp-marketing-ruby.git
  revision: dd4fd7adeb10cae5afbb0a4e8c332ae23345bb8b
  specs:
    MailchimpMarketing (3.0.80)
      excon (>= 0.76.0, < 1)
      json (~> 2.1, >= 2.1.0)

PATH
  remote: .
  specs:
    esp_adapter (0.1.0)
      rake (~> 13.0, >= 11.2.2)
      rubocop-airbnb (~> 3.0.2)

GEM
  remote: https://rubygems.org/
  specs:
    ast (2.4.2)
    coderay (1.1.3)
    diff-lcs (1.5.1)
    excon (0.110.0)
    jaro_winkler (1.5.6)
    json (2.7.1)
    method_source (1.0.0)
    parallel (1.24.0)
    parser (3.3.0.5)
      ast (~> 2.4.1)
      racc
    pry (0.14.2)
      coderay (~> 1.1)
      method_source (~> 1.0)
    racc (1.7.3)
    rack (3.0.10)
    rainbow (3.1.1)
    rake (13.1.0)
    rspec (3.13.0)
      rspec-core (~> 3.13.0)
      rspec-expectations (~> 3.13.0)
      rspec-mocks (~> 3.13.0)
    rspec-core (3.13.0)
      rspec-support (~> 3.13.0)
    rspec-expectations (3.13.0)
      diff-lcs (>= 1.2.0, < 2.0)
      rspec-support (~> 3.13.0)
    rspec-mocks (3.13.0)
      diff-lcs (>= 1.2.0, < 2.0)
      rspec-support (~> 3.13.0)
    rspec-support (3.13.1)
    rubocop (0.76.0)
      jaro_winkler (~> 1.5.1)
      parallel (~> 1.10)
      parser (>= 2.6)
      rainbow (>= 2.2.2, < 4.0)
      ruby-progressbar (~> 1.7)
      unicode-display_width (>= 1.4.0, < 1.7)
    rubocop-airbnb (3.0.2)
      rubocop (~> 0.76.0)
      rubocop-performance (~> 1.5.0)
      rubocop-rails (~> 2.3.2)
      rubocop-rspec (~> 1.30.0)
    rubocop-performance (1.5.2)
      rubocop (>= 0.71.0)
    rubocop-rails (2.3.2)
      rack (>= 1.1)
      rubocop (>= 0.72.0)
    rubocop-rspec (1.30.1)
      rubocop (>= 0.60.0)
    ruby-progressbar (1.13.0)
    unicode-display_width (1.6.1)

PLATFORMS
  arm64-darwin-20

DEPENDENCIES
  MailchimpMarketing!
  esp_adapter!
  pry
  rake (~> 13.0)
  rspec (~> 3.13)
  rubocop-airbnb (~> 3.0, >= 3.0.2)

BUNDLED WITH
   2.4.22
